GEM
  remote: https://rubygems.org/
  specs:
    byebug (12.0.0)
    csv (3.3.5)
    date (3.4.1)
    erb (5.0.2)
    foreman (0.88.1)
    io-console (0.8.1)
    irb (1.15.2)
      pp (>= 0.6.0)
      rdoc (>= 4.0.0)
      reline (>= 0.4.2)
    logger (1.7.0)
    multi_json (1.17.0)
    mustermann (3.0.3)
      ruby2_keywords (~> 0.0.1)
    nio4r (2.7.4)
    ostruct (0.6.3)
    pp (0.6.2)
      prettyprint
    prettyprint (0.2.0)
    psych (5.2.6)
      date
      stringio
    puma (5.6.9)
      nio4r (~> 2.0)
    rack (2.2.17)
    rack-protection (3.0.6)
      rack
    rdoc (6.14.2)
      erb
      psych (>= 4.0.0)
    reline (0.6.2)
      io-console (~> 0.5)
    ruby2_keywords (0.0.5)
    sinatra (3.0.6)
      mustermann (~> 3.0)
      rack (~> 2.2, >= 2.2.4)
      rack-protection (= 3.0.6)
      tilt (~> 2.0)
    sinatra-contrib (3.0.6)
      multi_json
      mustermann (~> 3.0)
      rack-protection (= 3.0.6)
      sinatra (= 3.0.6)
      tilt (~> 2.0)
    stringio (3.1.7)
    tilt (2.6.1)
    webrick (1.9.1)

PLATFORMS
  ruby
  x86_64-darwin-21
  x86_64-linux

DEPENDENCIES
  byebug
  csv (~> 3.3)
  foreman
  irb (~> 1.15)
  logger (~> 1.7)
  ostruct (~> 0.6.3)
  puma (~> 5.6.4)
  sinatra (~> 3.0.5)
  sinatra-contrib (~> 3.0.5)
  webrick

RUBY VERSION
   ruby 3.4.5p51

BUNDLED WITH
   2.7.1
