GEM
  remote: https://rubygems.org/
  specs:
    byebug (11.1.3)
    foreman (0.87.2)
    multi_json (1.15.0)
    mustermann (3.0.0)
      ruby2_keywords (~> 0.0.1)
    nio4r (2.5.9)
    puma (6.2.2)
      nio4r (~> 2.0)
    rack (2.2.6.4)
    rack-protection (3.0.5)
      rack
    ruby2_keywords (0.0.5)
    sinatra (3.0.5)
      mustermann (~> 3.0)
      rack (~> 2.2, >= 2.2.4)
      rack-protection (= 3.0.5)
      tilt (~> 2.0)
    sinatra-contrib (3.0.5)
      multi_json
      mustermann (~> 3.0)
      rack-protection (= 3.0.5)
      sinatra (= 3.0.5)
      tilt (~> 2.0)
    tilt (2.0.11)
    webrick (1.8.1)

PLATFORMS
  ruby
  x86_64-darwin-21
  x86_64-linux

DEPENDENCIES
  byebug
  foreman
  puma (~> 6.2.2)
  sinatra (~> 3.0.5)
  sinatra-contrib (~> 3.0.5)
  webrick

RUBY VERSION
   ruby 3.2.1p31

BUNDLED WITH
   2.4.6
